GEM
  remote: https://rubygems.org/
  specs:
    puma (3.12.0)
    rack (2.0.5)
    rack-cors (1.0.2)

PLATFORMS
  ruby

DEPENDENCIES
  puma
  rack
  rack-cors

BUNDLED WITH
   1.16.5
